GEM
  remote: http://rubygems.org/
  specs:
    Platform (0.4.0)
    bourne (1.0)
      mocha (= 0.9.8)
    diff-lcs (1.1.2)
    git (1.2.5)
    jeweler (1.5.2)
      bundler (~> 1.0.0)
      git (>= 1.2.5)
      rake
    mocha (0.9.8)
      rake
    net-ssh (2.1.3)
    net-ssh-gateway (1.0.1)
      net-ssh (>= 1.99.1)
    net-ssh-multi (1.0.1)
      net-ssh (>= 1.99.2)
      net-ssh-gateway (>= 0.99.0)
    open4 (0.9.6)
    popen4 (0.1.2)
      Platform (>= 0.4.0)
      open4 (>= 0.4.0)
    rake (0.8.7)
    rcov (0.9.9)
    rspec (2.3.0)
      rspec-core (~> 2.3.0)
      rspec-expectations (~> 2.3.0)
      rspec-mocks (~> 2.3.0)
    rspec-core (2.3.1)
    rspec-expectations (2.3.0)
      diff-lcs (~> 1.1.2)
    rspec-mocks (2.3.0)

PLATFORMS
  ruby

DEPENDENCIES
  bourne (>= 1.0)
  bundler (~> 1.0.0)
  jeweler (~> 1.5.2)
  mocha (>= 0.9.8)
  net-ssh-multi (= 1.0.1)
  popen4 (= 0.1.2)
  rcov
  rspec (~> 2.3.0)
